GEM
  remote: https://rubygems.org/
  specs:
    async (2.14.2)
      console (~> 1.25, >= 1.25.2)
      fiber-annotation
      io-event (~> 1.6, >= 1.6.5)
    async-io (1.43.2)
      async
    console (1.27.0)
      fiber-annotation
      fiber-local (~> 1.1)
      json
    fiber-annotation (0.2.0)
    fiber-local (1.1.0)
      fiber-storage
    fiber-storage (0.1.2)
    io-event (1.6.5)
    json (2.7.2)

PLATFORMS
  x64-mingw-ucrt

DEPENDENCIES
  async
  async-io

BUNDLED WITH
   2.4.6
